PATH
  remote: .
  specs:
    jruby-nlp (0.0.1)
      nokogiri
      rake

GEM
  remote: http://rubygems.org/
  specs:
    coderay (1.0.7)
    diff-lcs (1.1.3)
    json (1.7.5-java)
    method_source (0.8)
    nokogiri (1.5.5-java)
    pry (0.9.10-java)
      coderay (~> 1.0.5)
      method_source (~> 0.8)
      slop (~> 3.3.1)
      spoon (~> 0.0)
    rake (0.9.2.2)
    rdoc (3.12)
      json (~> 1.4)
    rspec (2.11.0)
      rspec-core (~> 2.11.0)
      rspec-expectations (~> 2.11.0)
      rspec-mocks (~> 2.11.0)
    rspec-core (2.11.1)
    rspec-expectations (2.11.2)
      diff-lcs (~> 1.1.3)
    rspec-mocks (2.11.2)
    slop (3.3.3)
    spoon (0.0.1)

PLATFORMS
  java

DEPENDENCIES
  jruby-nlp!
  pry
  rdoc
  rspec
